NUGET
  remote: https://nuget.org/api/v2
  specs:
    FAKE (3.17.13)
    FSharp.Compiler.Service (0.0.85)
    FSharp.Core (3.1.2.1)
    FSharp.Formatting (2.7.4)
      FSharp.Compiler.Service (>= 0.0.82)
      FSharpVSPowerTools.Core (>= 1.7.0)
    FSharpVSPowerTools.Core (1.7.0)
      FSharp.Compiler.Service (>= 0.0.81)
    FsPickler (1.0.12)
    FsReveal (0.5.0)
      FSharp.Formatting (>= 2.7.4)
      FSharpVSPowerTools.Core (>= 1.7.0)
    Suave (0.25.0)
      FSharp.Core (>= 3.1.2.1)
      FsPickler (>= 1.0.7)
